GEM
  remote: https://rubygems.org/
  specs:
    jaeger-client (1.1.0)
      opentracing (~> 0.3)
      thrift
    mustermann (1.1.1)
      ruby2_keywords (~> 0.0.1)
    opentracing (0.5.0)
    rack (2.2.3)
    rack-protection (2.1.0)
      rack
    rack-tracer (0.9.0)
      opentracing (~> 0.4)
    ruby2_keywords (0.0.2)
    sinatra (2.1.0)
      mustermann (~> 1.0)
      rack (~> 2.2)
      rack-protection (= 2.1.0)
      tilt (~> 2.0)
    thrift (0.13.0)
    tilt (2.0.10)

PLATFORMS
  x86_64-darwin-19

DEPENDENCIES
  jaeger-client
  rack-tracer
  sinatra

BUNDLED WITH
   2.2.5
